GEM
  remote: https://rubygems.org/
  specs:
    emanlib (1.0.1)
    optimist (3.2.1)

PLATFORMS
  ruby
  x86_64-linux

DEPENDENCIES
  emanlib
  optimist

BUNDLED WITH
   2.6.9
